PATH
  remote: .
  specs:
    loggable_activity (0.1.39)
      activerecord (~> 7.1.3)

GEM
  remote: https://rubygems.org/
  specs:
    activemodel (7.1.3)
      activesupport (= 7.1.3)
    activerecord (7.1.3)
      activemodel (= 7.1.3)
      activesupport (= 7.1.3)
      timeout (>= 0.4.0)
    activesupport (7.1.3)
      base64
      bigdecimal
      concurrent-ruby (~> 1.0, >= 1.0.2)
      connection_pool (>= 2.2.5)
      drb
      i18n (>= 1.6, < 2)
      minitest (>= 5.1)
      mutex_m
      tzinfo (~> 2.0)
    awesome_print (1.9.2)
    base64 (0.2.0)
    bigdecimal (3.1.6)
    concurrent-ruby (1.2.3)
    connection_pool (2.4.1)
    drb (2.2.0)
      ruby2_keywords
    i18n (1.14.1)
      concurrent-ruby (~> 1.0)
    minitest (5.22.2)
    mutex_m (0.2.0)
    rake (13.1.0)
    ruby2_keywords (0.0.5)
    timeout (0.4.1)
    tzinfo (2.0.6)
      concurrent-ruby (~> 1.0)

PLATFORMS
  arm64-darwin-22
  ruby

DEPENDENCIES
  awesome_print (~> 1.8)
  loggable_activity!
  rake (~> 13.0)

BUNDLED WITH
   2.5.3
